GEM
  remote: https://rubygems.org/
  specs:
    kramdown (2.3.1)
      rexml
    liquid (5.0.0)
    mini_magick (4.11.0)
    mustermann (2.0.2)
      ruby2_keywords (~> 0.0.1)
    nio4r (2.5.8)
    puma (5.6.5)
      nio4r (~> 2.0)
    rack (2.2.4)
    rack-protection (2.2.3)
      rack
    rexml (3.2.5)
    ruby2_keywords (0.0.5)
    sinatra (2.2.3)
      mustermann (~> 2.0)
      rack (~> 2.2)
      rack-protection (= 2.2.3)
      tilt (~> 2.0)
    tilt (2.0.11)

PLATFORMS
  ruby

DEPENDENCIES
  kramdown
  liquid
  mini_magick
  puma
  sinatra

BUNDLED WITH
   2.2.22
