GEM
  remote: https://rubygems.org/
  specs:
    kramdown (2.3.1)
      rexml
    liquid (5.0.0)
    mustermann (1.1.1)
      ruby2_keywords (~> 0.0.1)
    rack (2.2.3)
    rack-protection (2.2.0)
      rack
    rexml (3.2.5)
    ruby2_keywords (0.0.5)
    sinatra (2.2.0)
      mustermann (~> 1.0)
      rack (~> 2.2)
      rack-protection (= 2.2.0)
      tilt (~> 2.0)
    tilt (2.0.10)

PLATFORMS
  ruby

DEPENDENCIES
  kramdown
  liquid
  sinatra

BUNDLED WITH
   1.17.2
